GEM
  remote: https://rubygems.org/
  specs:
    coderay (1.0.9)
    congress (0.1.1)
      faraday (~> 0.8.7)
      faraday_middleware (~> 0.9.0)
      hashie (~> 2.0)
      json (~> 1.8)
      rash (~> 0.4)
    dotenv (0.9.0)
    faraday (0.8.8)
      multipart-post (~> 1.2.0)
    faraday_middleware (0.9.0)
      faraday (>= 0.7.4, < 0.9)
    hashie (2.0.5)
    json (1.8.1)
    method_source (0.8.2)
    multipart-post (1.2.0)
    pry (0.9.12.2)
      coderay (~> 1.0.5)
      method_source (~> 0.8)
      slop (~> 3.4)
    rash (0.4.0)
      hashie (~> 2.0.0)
    slop (3.4.6)

PLATFORMS
  ruby

DEPENDENCIES
  congress
  dotenv
  json
  pry
